GEM
  remote: https://rubygems.org/
  specs:
    activesupport (7.0.4.2)
      concurrent-ruby (~> 1.0, >= 1.0.2)
      i18n (>= 1.6, < 2)
      minitest (>= 5.1)
      tzinfo (~> 2.0)
    addressable (2.8.1)
      public_suffix (>= 2.0.2, < 6.0)
    ast (2.4.2)
    chronic_duration (0.10.6)
      numerizer (~> 0.1.1)
    concurrent-ruby (1.2.2)
    connection_pool (2.3.0)
    domain_name (0.5.20190701)
      unf (>= 0.0.5, < 1.0.0)
    down (5.4.0)
      addressable (~> 2.8)
    ffi (1.15.5)
    ffi-compiler (1.0.1)
      ffi (>= 1.0.0)
      rake
    gitlab-styles (10.0.0)
      rubocop (~> 1.43.0)
      rubocop-graphql (~> 0.18)
      rubocop-performance (~> 1.15)
      rubocop-rails (~> 2.17)
      rubocop-rspec (~> 2.18)
    graphql (2.0.17)
    graphql-client (0.18.0)
      activesupport (>= 3.0)
      graphql
    http (5.1.1)
      addressable (~> 2.8)
      http-cookie (~> 1.0)
      http-form_data (~> 2.2)
      llhttp-ffi (~> 0.4.0)
    http-cookie (1.0.5)
      domain_name (~> 0.5)
    http-form_data (2.3.0)
    i18n (1.12.0)
      concurrent-ruby (~> 1.0)
    json (2.6.3)
    llhttp-ffi (0.4.0)
      ffi-compiler (~> 1.0)
      rake (~> 13.0)
    minitest (5.18.0)
    naturally (2.2.1)
    numerizer (0.1.1)
    optimist (3.0.1)
    os (1.1.4)
    parallel (1.22.1)
    parser (3.2.1.1)
      ast (~> 2.4.1)
    public_suffix (5.0.1)
    rack (3.0.4.2)
    rainbow (3.1.1)
    rake (13.0.6)
    regexp_parser (2.7.0)
    rexml (3.2.5)
    rubocop (1.43.0)
      json (~> 2.3)
      parallel (~> 1.10)
      parser (>= 3.2.0.0)
      rainbow (>= 2.2.2, < 4.0)
      regexp_parser (>= 1.8, < 3.0)
      rexml (>= 3.2.5, < 4.0)
      rubocop-ast (>= 1.24.1, < 2.0)
      ruby-progressbar (~> 1.7)
      unicode-display_width (>= 2.4.0, < 3.0)
    rubocop-ast (1.27.0)
      parser (>= 3.2.1.0)
    rubocop-capybara (2.17.1)
      rubocop (~> 1.41)
    rubocop-graphql (0.19.0)
      rubocop (>= 0.87, < 2)
    rubocop-performance (1.16.0)
      rubocop (>= 1.7.0, < 2.0)
      rubocop-ast (>= 0.4.0)
    rubocop-rails (2.18.0)
      activesupport (>= 4.2.0)
      rack (>= 1.1)
      rubocop (>= 1.33.0, < 2.0)
    rubocop-rspec (2.19.0)
      rubocop (~> 1.33)
      rubocop-capybara (~> 2.17)
    ruby-progressbar (1.13.0)
    semantic (1.6.1)
    table_print (1.5.7)
    tty-cursor (0.7.1)
    tty-spinner (0.9.3)
      tty-cursor (~> 0.7)
    tzinfo (2.0.6)
      concurrent-ruby (~> 1.0)
    unf (0.1.4)
      unf_ext
    unf_ext (0.0.8.2)
    unicode-display_width (2.4.2)

PLATFORMS
  ruby

DEPENDENCIES
  chronic_duration
  connection_pool
  down
  gitlab-styles
  graphql-client
  http
  naturally
  optimist
  os
  rainbow
  ruby-progressbar
  semantic
  table_print
  tty-spinner

RUBY VERSION
   ruby 3.0.5p211

BUNDLED WITH
   2.4.7
