GEM
  remote: https://rubygems.org/
  specs:
    addressable (2.6.0)
      public_suffix (>= 2.0.2, < 4.0)
    ast (2.4.0)
    chronic_duration (0.10.6)
      numerizer (~> 0.1.1)
    domain_name (0.5.20190701)
      unf (>= 0.0.5, < 1.0.0)
    down (4.8.1)
      addressable (~> 2.5)
    gitlab-styles (2.7.0)
      rubocop (~> 0.69.0)
      rubocop-gitlab-security (~> 0.1.0)
      rubocop-performance (~> 1.1.0)
      rubocop-rspec (~> 1.19)
    http (4.1.1)
      addressable (~> 2.3)
      http-cookie (~> 1.0)
      http-form_data (~> 2.0)
      http_parser.rb (~> 0.6.0)
    http-cookie (1.0.3)
      domain_name (~> 0.5)
    http-form_data (2.1.1)
    http_parser.rb (0.6.0)
    jaro_winkler (1.5.3)
    naturally (2.2.0)
    numerizer (0.1.1)
    optimist (3.0.0)
    os (1.0.1)
    parallel (1.17.0)
    parser (2.6.3.0)
      ast (~> 2.4.0)
    public_suffix (3.1.1)
    rainbow (3.0.0)
    rubocop (0.69.0)
      jaro_winkler (~> 1.5.1)
      parallel (~> 1.10)
      parser (>= 2.6)
      rainbow (>= 2.2.2, < 4.0)
      ruby-progressbar (~> 1.7)
      unicode-display_width (>= 1.4.0, < 1.7)
    rubocop-gitlab-security (0.1.1)
      rubocop (>= 0.51)
    rubocop-performance (1.1.0)
      rubocop (>= 0.67.0)
    rubocop-rspec (1.22.2)
      rubocop (>= 0.52.1)
    ruby-progressbar (1.10.1)
    table_print (1.5.6)
    tty-cursor (0.7.0)
    tty-spinner (0.9.1)
      tty-cursor (~> 0.7)
    unf (0.1.4)
      unf_ext
    unf_ext (0.0.7.6)
    unicode-display_width (1.6.0)

PLATFORMS
  ruby

DEPENDENCIES
  chronic_duration
  down
  gitlab-styles (~> 2.7)
  http
  naturally
  optimist
  os
  rainbow
  rubocop (~> 0.69.0)
  rubocop-performance (~> 1.1.0)
  rubocop-rspec (~> 1.22.1)
  table_print
  tty-spinner

BUNDLED WITH
   2.0.2
